GEM
  remote: https://rubygems.org/
  specs:
    rb-fsevent (0.9.8)
    sass (3.4.23)

PLATFORMS
  ruby

DEPENDENCIES
  rb-fsevent
  sass (>= 3.4.5)

BUNDLED WITH
   1.13.2
